GEM
  remote: http://rubygems.org/
  specs:
    activesupport (3.0.5)
    builder (3.0.0)
    columnize (0.3.2)
    crack (0.1.8)
    diff-lcs (1.1.2)
    git (1.2.5)
    gyoku (0.3.1)
      builder (>= 2.1.2)
    httpclient (2.1.7.1)
    httpi (0.9.0)
      ntlm-http (>= 0.1.1)
      rack
    i18n (0.5.0)
    jeweler (1.5.2)
      bundler (~> 1.0.0)
      git (>= 1.2.5)
      rake
    linecache (0.43)
    mocha (0.9.12)
    ntlm-http (0.1.1)
    rack (1.2.2)
    rake (0.8.7)
    rspec (2.5.0)
      rspec-core (~> 2.5.0)
      rspec-expectations (~> 2.5.0)
      rspec-mocks (~> 2.5.0)
    rspec-core (2.5.1)
    rspec-expectations (2.5.0)
      diff-lcs (~> 1.1.2)
    rspec-mocks (2.5.0)
    ruby-debug (0.10.4)
      columnize (>= 0.1)
      ruby-debug-base (~> 0.10.4.0)
    ruby-debug-base (0.10.4)
      linecache (>= 0.3)
    savon (0.8.6)
      builder (>= 2.1.2)
      crack (~> 0.1.8)
      gyoku (>= 0.3.0)
      httpi (>= 0.7.8)
    savon_spec (0.1.4)
      mocha (>= 0.9.8)
      rspec (>= 2.0.0)
      savon (~> 0.8.0)
    shoulda (2.11.3)
    timecop (0.3.5)

PLATFORMS
  ruby

DEPENDENCIES
  activesupport
  bundler (~> 1.0.0)
  httpclient
  i18n
  jeweler (~> 1.5.2)
  mocha
  rspec
  ruby-debug
  savon
  savon_spec
  shoulda
  timecop
